GEM
  remote: https://rubygems.org/
  specs:
    minitest (5.3.5)

PLATFORMS
  ruby

DEPENDENCIES
  minitest (~> 5.3.4)

BUNDLED WITH
   2.0.2
